PATH
  remote: .
  specs:
    tableau_notify (0.0.4)
      file-tail
      terminal-notifier

GEM
  remote: https://rubygems.org/
  specs:
    file-tail (1.0.12)
      tins (~> 0.5)
    terminal-notifier (1.6.1)
    tins (0.13.2)

PLATFORMS
  ruby

DEPENDENCIES
  tableau_notify!
